GIT
  remote: https://github.com/amatriain/rest-client-components
  revision: 236ac31ed1a061d479332ff179bf78fcb11edb74
  branch: rest-client-2-compatibility
  specs:
    rest-client-components (1.4.0)
      rack (>= 1.0.1)
      rest-client (>= 1.6.0)

GIT
  remote: https://github.com/dougbarth/jsonlint
  revision: f817a0b401748d500a833b08f7ab160c4c13b9c1
  specs:
    jsonlint (0.3.0)
      oj (~> 3)
      optimist (~> 3)

GIT
  remote: https://github.com/dryruby/sxp.rb
  revision: a6201a87d9809f966681ed1b22e4f6a6ea9a7056
  branch: develop
  specs:
    sxp (1.0.1)
      rdf (~> 3.0)

GIT
  remote: https://github.com/ruby-rdf/json-ld
  revision: 9e94758cc0b0674ff9227cfb56f8935cbb6df89c
  branch: develop
  specs:
    json-ld (3.0.2)
      htmlentities (~> 4.3)
      json-canonicalization (~> 0.1)
      link_header (~> 0.0, >= 0.0.8)
      multi_json (~> 1.13)
      rack (>= 1.6, < 3.0)
      rdf (~> 3.0, >= 3.0.8)

GIT
  remote: https://github.com/ruby-rdf/json-ld-preloaded
  revision: b4a16b53a488815411d105dc29cf1ef3650e7f81
  branch: develop
  specs:
    json-ld-preloaded (3.0.6)
      json-ld (~> 3.0)
      multi_json (~> 1.12)
      rdf (~> 3.0)

GIT
  remote: https://github.com/ruby-rdf/ld-patch
  revision: 123066e78d9bb44403edcd82e75af1854160e342
  branch: develop
  specs:
    ld-patch (0.3.3)
      ebnf (~> 1.1)
      rdf (~> 3.0)
      rdf-xsd (~> 3.0)
      sparql (~> 3.0)
      sxp (~> 1.0)

GIT
  remote: https://github.com/ruby-rdf/linkeddata
  revision: eb3167191b95ae567d9c3127833506e147d626a3
  branch: develop
  specs:
    linkeddata (3.0.1)
      equivalent-xml (~> 0.6)
      json-ld (>= 2.2.1, < 4.0)
      ld-patch (~> 0.3, >= 0.3.3)
      nokogiri (~> 1.8)
      nokogumbo (~> 1.5)
      rdf (~> 3.0)
      rdf-aggregate-repo (>= 2.2.1, < 4.0)
      rdf-isomorphic (~> 3.0)
      rdf-json (>= 2.2, < 4.0)
      rdf-microdata (>= 2.2.3, < 4.0)
      rdf-n3 (~> 3.0)
      rdf-normalize (~> 0.3, >= 0.3.3)
      rdf-rdfa (~> 3.0)
      rdf-rdfxml (>= 2.2.1, < 4.0)
      rdf-reasoner (~> 0.5.0)
      rdf-tabular (>= 2.2.1, < 4.0)
      rdf-trig (>= 2.2, < 4.0)
      rdf-trix (>= 2.2.1, < 4.0)
      rdf-turtle (~> 3.0, >= 3.0.1)
      rdf-vocab (~> 3.0)
      rdf-xsd (~> 3.0)
      shex (~> 0.5, >= 0.5.2)
      sparql (~> 3.0)
      sparql-client (~> 3.0)

GIT
  remote: https://github.com/ruby-rdf/rack-linkeddata
  revision: 0209c3b0110e44ca1f79c4b72a98a878dbf51cd2
  branch: develop
  specs:
    rack-linkeddata (3.0.0)
      linkeddata (~> 3.0)
      rack (~> 2.0)
      rdf (~> 3.0, >= 3.0.8)

GIT
  remote: https://github.com/ruby-rdf/rdf
  revision: 96fc834d6b23c12923a9850c6f9b94492125058e
  branch: develop
  specs:
    rdf (3.0.13)
      hamster (~> 3.0)
      link_header (~> 0.0, >= 0.0.8)

GIT
  remote: https://github.com/ruby-rdf/rdf-aggregate-repo
  revision: 3eab6256caf19dde9cdb2b350d6569e4bb3a016a
  branch: develop
  specs:
    rdf-aggregate-repo (2.2.1)
      rdf (~> 3.0)

GIT
  remote: https://github.com/ruby-rdf/rdf-do
  revision: 0c99dea7599304b753969d571a2b0405e1cb88b4
  branch: develop
  specs:
    rdf-do (2.2.0)
      data_objects (~> 0.10)
      rdf (~> 3.0)

GIT
  remote: https://github.com/ruby-rdf/rdf-isomorphic
  revision: 2296d9b85edbcbbd8028b993621adbbe2ae5cf5a
  branch: develop
  specs:
    rdf-isomorphic (3.0.0)
      rdf (~> 3.0)

GIT
  remote: https://github.com/ruby-rdf/rdf-json
  revision: f201f2e3bb9a9a563bfaf9f91100d7325dd83f7a
  branch: develop
  specs:
    rdf-json (2.2.0)
      rdf (~> 3.0)

GIT
  remote: https://github.com/ruby-rdf/rdf-microdata
  revision: 68a40811b1a96abdcadb7449e60ed1badd6b6585
  branch: develop
  specs:
    rdf-microdata (2.2.3)
      htmlentities (~> 4.3)
      nokogiri (~> 1.8)
      rdf (~> 3.0)
      rdf-xsd (~> 3.0)

GIT
  remote: https://github.com/ruby-rdf/rdf-n3
  revision: 015ce184efe34d5781c71cb702b0d74464e590df
  branch: develop
  specs:
    rdf-n3 (3.1.0)
      rdf (~> 3.0)
      sparql (~> 3.0)
      sxp (~> 1.0)

GIT
  remote: https://github.com/ruby-rdf/rdf-normalize
  revision: d7576ee0e9f141961d00f6ec1c3074713f025013
  branch: develop
  specs:
    rdf-normalize (0.3.3)
      rdf (~> 3.0)

GIT
  remote: https://github.com/ruby-rdf/rdf-rdfa
  revision: 74b60100bc6ac09320d39f180272b8850ed3a089
  branch: develop
  specs:
    rdf-rdfa (3.0.1)
      haml (~> 5.0)
      htmlentities (~> 4.3)
      rdf (~> 3.0)
      rdf-aggregate-repo (>= 2.2, < 4.0)
      rdf-xsd (~> 3.0)

GIT
  remote: https://github.com/ruby-rdf/rdf-rdfxml
  revision: 5d54dc31182d075036ad48ad5ebd5f61a2043961
  branch: develop
  specs:
    rdf-rdfxml (2.2.1)
      htmlentities (~> 4.3)
      rdf (~> 3.0)
      rdf-rdfa (~> 3.0)
      rdf-xsd (~> 3.0)

GIT
  remote: https://github.com/ruby-rdf/rdf-reasoner
  revision: dc33ae3917158c60c7331981dad8214e7449eb07
  branch: develop
  specs:
    rdf-reasoner (0.5.2)
      rdf (~> 3.0)
      rdf-vocab (~> 3.0)
      rdf-xsd (~> 3.0)

GIT
  remote: https://github.com/ruby-rdf/rdf-spec
  revision: 484d46c7a4742b70e4012496ee9777336d290f65
  branch: develop
  specs:
    rdf-spec (3.0.0)
      rdf (~> 3.0)
      rdf-isomorphic (~> 3.0)
      rspec (~> 3.7)
      rspec-its (~> 1.2)
      webmock (~> 3.1)

GIT
  remote: https://github.com/ruby-rdf/rdf-tabular
  revision: a0f61ab12f856ac9a3fd1f8d83ad7e4dd73b5679
  branch: develop
  specs:
    rdf-tabular (2.2.1)
      addressable (~> 2.3)
      bcp47 (~> 0.3, >= 0.3.3)
      json-ld (>= 2.1, < 4.0)
      rdf (~> 3.0)
      rdf-vocab (~> 3.0)
      rdf-xsd (~> 3.0)

GIT
  remote: https://github.com/ruby-rdf/rdf-trig
  revision: daf7ec596ea82fa47eb5740940b56605ed75e4b6
  branch: develop
  specs:
    rdf-trig (3.0.1)
      ebnf (~> 1.1)
      rdf (~> 3.0)
      rdf-turtle (~> 3.0, >= 3.0.3)

GIT
  remote: https://github.com/ruby-rdf/rdf-trix
  revision: 14f596807fd793463f87019b9666a922a35309c5
  branch: develop
  specs:
    rdf-trix (2.2.1)
      rdf (~> 3.0)

GIT
  remote: https://github.com/ruby-rdf/rdf-turtle
  revision: 6d0fafc31f4ca079807a6de26851b80e21cbc39c
  branch: develop
  specs:
    rdf-turtle (3.0.6)
      ebnf (~> 1.1)
      rdf (~> 3.0)

GIT
  remote: https://github.com/ruby-rdf/rdf-vocab
  revision: 8858ef97ebf5dff702b59b54ccde59ba91d3e406
  branch: develop
  specs:
    rdf-vocab (3.0.14)
      rdf (~> 3.0, >= 3.0.11)

GIT
  remote: https://github.com/ruby-rdf/rdf-xsd
  revision: 276267e926a97f8bcea4a131d4cddcd9d87316e7
  branch: develop
  specs:
    rdf-xsd (3.0.1)
      rdf (~> 3.0)

GIT
  remote: https://github.com/ruby-rdf/shex
  revision: 0e03d9f4890816be9c7ee59987e7fe0f934b3f58
  branch: develop
  specs:
    shex (0.5.2)
      ebnf (~> 1.1)
      json-ld (>= 2.2, < 4.0)
      json-ld-preloaded (~> 3.0)
      rdf (~> 3.0)
      rdf-xsd (~> 3.0)
      sparql (~> 3.0)
      sxp (~> 1.0)

GIT
  remote: https://github.com/ruby-rdf/sinatra-linkeddata
  revision: 074d7e08ec937af72e24ed1af3be54336b3d8a2f
  branch: develop
  specs:
    sinatra-linkeddata (3.0.0)
      rack-linkeddata (~> 3.0)
      sinatra (~> 2.0)

GIT
  remote: https://github.com/ruby-rdf/sparql
  revision: 78c2af8f957e679277769bf623d3c0f54819fe29
  branch: develop
  specs:
    sparql (3.0.2)
      builder (~> 3.2)
      ebnf (~> 1.1)
      rdf (~> 3.0)
      rdf-aggregate-repo (>= 2.2, < 4.0)
      rdf-xsd (~> 3.0)
      sparql-client (~> 3.0)
      sxp (~> 1.0)

GIT
  remote: https://github.com/ruby-rdf/sparql-client
  revision: 8b2723ff950335469fa558b2998e9185f1cfcd55
  branch: develop
  specs:
    sparql-client (3.0.1)
      net-http-persistent (~> 3.0)
      rdf (~> 3.0)

PATH
  remote: .
  specs:
    linter (3.6.5)
      activesupport (~> 5.0)
      equivalent-xml
      erubis (~> 2.7)
      haml (~> 5.0)
      json-ld-preloaded (~> 3.0)
      linkeddata (~> 3.0)
      nokogiri (~> 1.10)
      nokogumbo (~> 1.5)
      puma (>= 3.12, < 5.0)
      rack-cache (~> 1.9)
      rdf-reasoner (~> 0.5)
      rdf-vocab (~> 3.0)
      sass (~> 3.7)
      sinatra (~> 2.0)
      sinatra-asset-pipeline (~> 2.0)
      sinatra-linkeddata (~> 3.0)
      sprockets-helpers (~> 1.2)
      uglifier (~> 3.2)

GEM
  remote: http://rubygems.org/
  specs:
    activesupport (5.2.4)
      concurrent-ruby (~> 1.0, >= 1.0.2)
      i18n (>= 0.7, < 2)
      minitest (~> 5.1)
      tzinfo (~> 1.1)
    addressable (2.7.0)
      public_suffix (>= 2.0.2, < 5.0)
    bcp47 (0.3.3)
      i18n
    better_errors (2.5.1)
      coderay (>= 1.0.0)
      erubi (>= 1.0.0)
      rack (>= 0.9.0)
    binding_of_caller (0.8.0)
      debug_inspector (>= 0.0.1)
    builder (3.2.3)
    byebug (11.0.1)
    coderay (1.1.2)
    coffee-script (2.4.1)
      coffee-script-source
      execjs
    coffee-script-source (1.12.2)
    concurrent-ruby (1.1.5)
    connection_pool (2.2.2)
    crack (0.4.3)
      safe_yaml (~> 1.0.0)
    data_objects (0.10.17)
      addressable (~> 2.1)
    debug_inspector (0.0.3)
    diff-lcs (1.3)
    docile (1.3.2)
    domain_name (0.5.20190701)
      unf (>= 0.0.5, < 1.0.0)
    ebnf (1.1.3)
      rdf (~> 3.0)
      sxp (~> 1.0)
    equivalent-xml (0.6.0)
      nokogiri (>= 1.4.3)
    erubi (1.9.0)
    erubis (2.7.0)
    execjs (2.7.0)
    ffi (1.11.3)
    foreman (0.86.0)
    haml (5.1.2)
      temple (>= 0.8.0)
      tilt
    hamster (3.0.0)
      concurrent-ruby (~> 1.0)
    hashdiff (1.0.0)
    htmlentities (4.3.4)
    http-accept (1.7.0)
    http-cookie (1.0.3)
      domain_name (~> 0.5)
    i18n (1.7.0)
      concurrent-ruby (~> 1.0)
    json (2.2.0)
    json-canonicalization (0.1.0)
    link_header (0.0.8)
    mime-types (3.3)
      mime-types-data (~> 3.2015)
    mime-types-data (3.2019.1009)
    mini_portile2 (2.4.0)
    minitest (5.13.0)
    multi_json (1.14.1)
    mustermann (1.0.3)
    net-http-persistent (3.1.0)
      connection_pool (~> 2.2)
    netrc (0.11.0)
    nio4r (2.3.1)
    nokogiri (1.10.5)
      mini_portile2 (~> 2.4.0)
    nokogumbo (1.5.0)
      nokogiri
    oj (3.9.2)
    optimist (3.0.0)
    public_suffix (4.0.1)
    puma (4.3.1)
      nio4r (~> 2.0)
    rack (2.0.8)
    rack-cache (1.9.0)
      rack (>= 0.4)
    rack-protection (2.0.7)
      rack
    rack-test (1.1.0)
      rack (>= 1.0, < 3)
    rake (12.3.3)
    rb-fsevent (0.10.3)
    rb-inotify (0.10.0)
      ffi (~> 1.0)
    rest-client (2.1.0)
      http-accept (>= 1.7.0, < 2.0)
      http-cookie (>= 1.0.2, < 2.0)
      mime-types (>= 1.16, < 4.0)
      netrc (~> 0.8)
    rspec (3.9.0)
      rspec-core (~> 3.9.0)
      rspec-expectations (~> 3.9.0)
      rspec-mocks (~> 3.9.0)
    rspec-core (3.9.0)
      rspec-support (~> 3.9.0)
    rspec-expectations (3.9.0)
      diff-lcs (>= 1.2.0, < 2.0)
      rspec-support (~> 3.9.0)
    rspec-its (1.3.0)
      rspec-core (>= 3.0.0)
      rspec-expectations (>= 3.0.0)
    rspec-mocks (3.9.0)
      diff-lcs (>= 1.2.0, < 2.0)
      rspec-support (~> 3.9.0)
    rspec-support (3.9.0)
    safe_yaml (1.0.5)
    sass (3.7.4)
      sass-listen (~> 4.0.0)
    sass-listen (4.0.0)
      rb-fsevent (~> 0.9, >= 0.9.4)
      rb-inotify (~> 0.9, >= 0.9.7)
    shotgun (0.9.2)
      rack (>= 1.0)
    simplecov (0.17.1)
      docile (~> 1.1)
      json (>= 1.8, < 3)
      simplecov-html (~> 0.10.0)
    simplecov-html (0.10.2)
    sinatra (2.0.7)
      mustermann (~> 1.0)
      rack (~> 2.0)
      rack-protection (= 2.0.7)
      tilt (~> 2.0)
    sinatra-asset-pipeline (2.2.0)
      coffee-script (~> 2.4)
      rake (~> 12.3)
      sass (~> 3.5)
      sinatra (~> 2.0)
      sprockets (~> 3.7)
      sprockets-helpers (~> 1.2)
    sprockets (3.7.2)
      concurrent-ruby (~> 1.0)
      rack (> 1, < 3)
    sprockets-helpers (1.2.1)
      sprockets (>= 2.2)
    syntax (1.2.2)
    temple (0.8.2)
    thread_safe (0.3.6)
    tilt (2.0.10)
    tzinfo (1.2.5)
      thread_safe (~> 0.1)
    uglifier (3.2.0)
      execjs (>= 0.3.0, < 3)
    unf (0.1.4)
      unf_ext
    unf_ext (0.0.7.6)
    webmock (3.7.6)
      addressable (>= 2.3.6)
      crack (>= 0.3.2)
      hashdiff (>= 0.4.0, < 2.0.0)
    yard (0.9.20)

PLATFORMS
  ruby

DEPENDENCIES
  better_errors
  binding_of_caller
  byebug
  foreman
  json-ld!
  json-ld-preloaded!
  jsonlint!
  ld-patch!
  linkeddata!
  linter!
  rack-linkeddata!
  rack-test (~> 1.1)
  rake
  rdf!
  rdf-aggregate-repo!
  rdf-do!
  rdf-isomorphic!
  rdf-json!
  rdf-microdata!
  rdf-n3!
  rdf-normalize!
  rdf-rdfa!
  rdf-rdfxml!
  rdf-reasoner!
  rdf-spec!
  rdf-tabular!
  rdf-trig!
  rdf-trix!
  rdf-turtle!
  rdf-vocab!
  rdf-xsd!
  rest-client-components!
  rspec (~> 3.8)
  rspec-its (~> 1.3)
  shex!
  shotgun
  simplecov
  sinatra-linkeddata!
  sparql!
  sparql-client!
  sxp!
  syntax
  yard (~> 0.9, >= 0.9.20)

RUBY VERSION
   ruby 2.6.3p62

BUNDLED WITH
   2.0.2
