GIT
  remote: https://github.com/amatriain/rest-client-components
  revision: 236ac31ed1a061d479332ff179bf78fcb11edb74
  branch: rest-client-2-compatibility
  specs:
    rest-client-components (1.4.0)
      rack (>= 1.0.1)
      rest-client (>= 1.6.0)

GIT
  remote: https://github.com/dougbarth/jsonlint
  revision: f817a0b401748d500a833b08f7ab160c4c13b9c1
  specs:
    jsonlint (0.3.0)
      oj (~> 3)
      optimist (~> 3)

GIT
  remote: https://github.com/dryruby/ebnf
  revision: d3495fb540989f2ff57b04fbd867bab485a0ec20
  branch: develop
  specs:
    ebnf (2.2.1)
      amazing_print (~> 1.2)
      htmlentities (~> 4.3)
      rdf (~> 3.1)
      scanf (~> 1.0)
      sxp (~> 1.1)
      unicode-types (~> 1.6)

GIT
  remote: https://github.com/ruby-rdf/json-ld
  revision: f7daf36de697a4654c73d7bc81445e93a5d0a3aa
  branch: develop
  specs:
    json-ld (3.1.10)
      htmlentities (~> 4.3)
      json-canonicalization (~> 0.2)
      link_header (~> 0.0, >= 0.0.8)
      multi_json (~> 1.14)
      rack (~> 2.0)
      rdf (~> 3.1)

GIT
  remote: https://github.com/ruby-rdf/json-ld-preloaded
  revision: 241b763afb158c59b7b4440d868fe5744bba167e
  branch: develop
  specs:
    json-ld-preloaded (3.1.6)
      json-ld (~> 3.1)
      rdf (~> 3.1)

GIT
  remote: https://github.com/ruby-rdf/rack-rdf
  revision: b6f3d8b426b7afd1262cde2082d279f800fe280e
  branch: develop
  specs:
    rack-rdf (3.1.1)
      rack (~> 2.1)
      rdf (~> 3.1, >= 3.1.8)

GIT
  remote: https://github.com/ruby-rdf/rdf
  revision: e4be611d9ee4ef009ce67f82dbe30dd99ecb6f29
  branch: develop
  specs:
    rdf (3.1.15)
      hamster (~> 3.0)
      link_header (~> 0.0, >= 0.0.8)

GIT
  remote: https://github.com/ruby-rdf/rdf-microdata
  revision: 60eb619bd4f9197adf3895e06d855542c4e9f788
  branch: develop
  specs:
    rdf-microdata (3.1.3)
      htmlentities (~> 4.3)
      nokogiri (~> 1.10)
      rdf (~> 3.1, >= 3.1.13)
      rdf-rdfa (~> 3.1, >= 3.1.3)
      rdf-xsd (~> 3.1)

GIT
  remote: https://github.com/ruby-rdf/rdf-ordered-repo
  revision: e363c2e8475cbb689e13ed5ae560f736a3a0aea8
  branch: develop
  specs:
    rdf-ordered-repo (3.1.1)
      rdf (~> 3.1)

GIT
  remote: https://github.com/ruby-rdf/rdf-rdfa
  revision: f30555a36c764e3b189ee9da48b34410c5cf86e5
  branch: develop
  specs:
    rdf-rdfa (3.1.3)
      haml (~> 5.2)
      htmlentities (~> 4.3)
      rdf (~> 3.1, >= 3.1.13)
      rdf-aggregate-repo (~> 3.1)
      rdf-vocab (~> 3.1, >= 3.1.11)
      rdf-xsd (~> 3.1)

GIT
  remote: https://github.com/ruby-rdf/rdf-rdfxml
  revision: 37c6a104a5f88ad18ca0f31965e6a94cfd307154
  branch: develop
  specs:
    rdf-rdfxml (3.1.1)
      htmlentities (~> 4.3)
      rdf (~> 3.1, >= 3.1.12)
      rdf-rdfa (~> 3.1, >= 3.1.2)
      rdf-xsd (~> 3.1)

GIT
  remote: https://github.com/ruby-rdf/rdf-reasoner
  revision: ef53ba0e229e32f0a39c6820ee73e264afbd67d5
  branch: develop
  specs:
    rdf-reasoner (0.7.2)
      rdf (~> 3.1, >= 3.1.12)
      rdf-xsd (~> 3.1)

GIT
  remote: https://github.com/ruby-rdf/rdf-spec
  revision: 8fc8a1f1fdd54ffbcf459a36bbebbe870635d328
  branch: develop
  specs:
    rdf-spec (3.1.2)
      amazing_print (~> 1.2)
      rdf (~> 3.1, >= 3.1.8)
      rdf-isomorphic (~> 3.1)
      rexml (~> 3.2)
      rspec (~> 3.9)
      rspec-its (~> 1.3)
      webmock (~> 3.7)

GIT
  remote: https://github.com/ruby-rdf/rdf-turtle
  revision: 01375389d2ce1d39259689e74ff3198a393e7b05
  branch: develop
  specs:
    rdf-turtle (3.1.3)
      ebnf (~> 2.1)
      rdf (~> 3.1, >= 3.1.8)

GIT
  remote: https://github.com/ruby-rdf/rdf-vocab
  revision: 19764d54f513a11a394d3ba70507b9f2116208ab
  branch: develop
  specs:
    rdf-vocab (3.1.14)
      rdf (~> 3.1, >= 3.1.12)

GIT
  remote: https://github.com/ruby-rdf/rdf-xsd
  revision: e1038022de9eb017e1f219864cc13031a44c2440
  branch: develop
  specs:
    rdf-xsd (3.1.1)
      rdf (~> 3.1)
      rexml (~> 3.2)

GIT
  remote: https://github.com/ruby-rdf/sinatra-rdf
  revision: 926670dfaf3e68a2447fb412a79b9f178653b1a6
  branch: develop
  specs:
    sinatra-rdf (3.1.1)
      rack-rdf (~> 3.1, >= 3.1.1)
      sinatra (~> 2.1)

PATH
  remote: .
  specs:
    linter (3.13.1)
      activesupport (~> 5.0)
      equivalent-xml
      erubis (~> 2.7)
      haml (~> 5.2)
      json-ld (~> 3.1)
      json-ld-preloaded (~> 3.1)
      nokogiri (~> 1.12)
      puma (~> 5.5)
      rack-cache (~> 1.13)
      rdf (~> 3.1, >= 3.1.15)
      rdf-microdata (~> 3.1)
      rdf-rdfa (~> 3.1)
      rdf-rdfxml (~> 3.1)
      rdf-reasoner (~> 0.7)
      rdf-turtle (~> 3.1)
      rdf-vocab (~> 3.1)
      rdf-xsd (~> 3.1)
      sass (~> 3.7)
      sinatra (~> 2.1)
      sinatra-asset-pipeline (~> 2.2)
      sinatra-rdf (~> 3.1)
      sprockets-helpers (~> 1.4)
      uglifier (~> 4.2)

GEM
  remote: http://rubygems.org/
  specs:
    activesupport (5.2.6)
      concurrent-ruby (~> 1.0, >= 1.0.2)
      i18n (>= 0.7, < 2)
      minitest (~> 5.1)
      tzinfo (~> 1.1)
    addressable (2.8.0)
      public_suffix (>= 2.0.2, < 5.0)
    amazing_print (1.3.0)
    better_errors (2.9.1)
      coderay (>= 1.0.0)
      erubi (>= 1.0.0)
      rack (>= 0.9.0)
    binding_of_caller (1.0.0)
      debug_inspector (>= 0.0.1)
    byebug (11.1.3)
    coderay (1.1.3)
    coffee-script (2.4.1)
      coffee-script-source
      execjs
    coffee-script-source (1.12.2)
    concurrent-ruby (1.1.9)
    crack (0.4.5)
      rexml
    debug_inspector (1.1.0)
    diff-lcs (1.4.4)
    domain_name (0.5.20190701)
      unf (>= 0.0.5, < 1.0.0)
    equivalent-xml (0.6.0)
      nokogiri (>= 1.4.3)
    erubi (1.10.0)
    erubis (2.7.0)
    execjs (2.8.1)
    ffi (1.15.4)
    foreman (0.87.2)
    haml (5.2.2)
      temple (>= 0.8.0)
      tilt
    hamster (3.0.0)
      concurrent-ruby (~> 1.0)
    hashdiff (1.0.1)
    htmlentities (4.3.4)
    http-accept (1.7.0)
    http-cookie (1.0.4)
      domain_name (~> 0.5)
    i18n (1.8.10)
      concurrent-ruby (~> 1.0)
    json-canonicalization (0.2.1)
    link_header (0.0.8)
    mime-types (3.3.1)
      mime-types-data (~> 3.2015)
    mime-types-data (3.2021.0901)
    minitest (5.14.4)
    multi_json (1.15.0)
    mustermann (1.1.1)
      ruby2_keywords (~> 0.0.1)
    netrc (0.11.0)
    nio4r (2.5.8)
    nokogiri (1.13.3-arm64-darwin)
      racc (~> 1.4)
    nokogiri (1.13.3-x86_64-darwin)
      racc (~> 1.4)
    nokogiri (1.13.3-x86_64-linux)
      racc (~> 1.4)
    oj (3.13.8)
    optimist (3.0.1)
    public_suffix (4.0.6)
    puma (5.5.1)
      nio4r (~> 2.0)
    racc (1.6.0)
    rack (2.2.3)
    rack-cache (1.13.0)
      rack (>= 0.4)
    rack-protection (2.1.0)
      rack
    rack-test (1.1.0)
      rack (>= 1.0, < 3)
    rake (12.3.3)
    rb-fsevent (0.11.0)
    rb-inotify (0.10.1)
      ffi (~> 1.0)
    rdf-aggregate-repo (3.1.0)
      rdf (~> 3.1)
    rdf-isomorphic (3.1.1)
      rdf (~> 3.1)
    rest-client (2.1.0)
      http-accept (>= 1.7.0, < 2.0)
      http-cookie (>= 1.0.2, < 2.0)
      mime-types (>= 1.16, < 4.0)
      netrc (~> 0.8)
    rexml (3.2.5)
    rspec (3.10.0)
      rspec-core (~> 3.10.0)
      rspec-expectations (~> 3.10.0)
      rspec-mocks (~> 3.10.0)
    rspec-core (3.10.1)
      rspec-support (~> 3.10.0)
    rspec-expectations (3.10.1)
      diff-lcs (>= 1.2.0, < 2.0)
      rspec-support (~> 3.10.0)
    rspec-its (1.3.0)
      rspec-core (>= 3.0.0)
      rspec-expectations (>= 3.0.0)
    rspec-mocks (3.10.2)
      diff-lcs (>= 1.2.0, < 2.0)
      rspec-support (~> 3.10.0)
    rspec-support (3.10.2)
    ruby2_keywords (0.0.5)
    sass (3.7.4)
      sass-listen (~> 4.0.0)
    sass-listen (4.0.0)
      rb-fsevent (~> 0.9, >= 0.9.4)
      rb-inotify (~> 0.9, >= 0.9.7)
    scanf (1.0.0)
    shotgun (0.9.2)
      rack (>= 1.0)
    sinatra (2.1.0)
      mustermann (~> 1.0)
      rack (~> 2.2)
      rack-protection (= 2.1.0)
      tilt (~> 2.0)
    sinatra-asset-pipeline (2.2.1)
      coffee-script (~> 2.4)
      rake (~> 12.3)
      sass (~> 3.5)
      sinatra (~> 2.0)
      sprockets (~> 3.7)
      sprockets-helpers (~> 1.2)
    sprockets (3.7.2)
      concurrent-ruby (~> 1.0)
      rack (> 1, < 3)
    sprockets-helpers (1.4.0)
      sprockets (>= 2.2)
    sxp (1.1.0)
      rdf (~> 3.1)
    syntax (1.2.2)
    temple (0.8.2)
    thread_safe (0.3.6)
    tilt (2.0.10)
    tzinfo (1.2.9)
      thread_safe (~> 0.1)
    uglifier (4.2.0)
      execjs (>= 0.3.0, < 3)
    unf (0.1.4)
      unf_ext
    unf_ext (0.0.8)
    unicode-types (1.7.0)
    webmock (3.14.0)
      addressable (>= 2.8.0)
      crack (>= 0.3.2)
      hashdiff (>= 0.4.0, < 2.0.0)
    yard (0.9.26)

PLATFORMS
  arm64-darwin-20
  x86_64-darwin-20
  x86_64-linux

DEPENDENCIES
  better_errors (>= 2.9.1)
  binding_of_caller
  byebug
  ebnf!
  foreman
  json-ld!
  json-ld-preloaded!
  jsonlint!
  linter!
  rack-rdf!
  rack-test (~> 1.1)
  rake
  rdf!
  rdf-microdata!
  rdf-ordered-repo!
  rdf-rdfa!
  rdf-rdfxml!
  rdf-reasoner!
  rdf-spec!
  rdf-turtle!
  rdf-vocab!
  rdf-xsd!
  rest-client-components!
  rspec (~> 3.10)
  rspec-its (~> 1.3)
  shotgun (>= 0.9.2)
  sinatra-rdf!
  syntax
  yard (~> 0.9, >= 0.9.26)

RUBY VERSION
   ruby 3.0.2p107

BUNDLED WITH
   2.2.28
