GIT
  remote: https://github.com/amatriain/rest-client-components
  revision: 236ac31ed1a061d479332ff179bf78fcb11edb74
  branch: rest-client-2-compatibility
  specs:
    rest-client-components (1.4.0)
      rack (>= 1.0.1)
      rest-client (>= 1.6.0)

GIT
  remote: https://github.com/dougbarth/jsonlint
  revision: f817a0b401748d500a833b08f7ab160c4c13b9c1
  specs:
    jsonlint (0.3.0)
      oj (~> 3)
      optimist (~> 3)

GIT
  remote: https://github.com/dryruby/ebnf
  revision: a2b4d4e8bb66efbc27cf0274f9383d12e8cbb749
  branch: develop
  specs:
    ebnf (2.1.2)
      htmlentities (~> 4.3)
      rdf (~> 3.1)
      scanf (~> 1.0)
      sxp (~> 1.1)

GIT
  remote: https://github.com/ruby-rdf/json-ld
  revision: 6d1165d8a4ab1347a2e8a2981f508f34c11f1d57
  branch: develop
  specs:
    json-ld (3.1.9)
      htmlentities (~> 4.3)
      json-canonicalization (~> 0.2)
      link_header (~> 0.0, >= 0.0.8)
      multi_json (~> 1.14)
      rack (~> 2.0)
      rdf (~> 3.1)

GIT
  remote: https://github.com/ruby-rdf/json-ld-preloaded
  revision: 58bcee6012cc0dbcbf2e1deb8911c266f1a4b5aa
  branch: develop
  specs:
    json-ld-preloaded (3.1.5)
      json-ld (~> 3.1)
      rdf (~> 3.1)

GIT
  remote: https://github.com/ruby-rdf/rack-rdf
  revision: b6f3d8b426b7afd1262cde2082d279f800fe280e
  branch: develop
  specs:
    rack-rdf (3.1.1)
      rack (~> 2.1)
      rdf (~> 3.1, >= 3.1.8)

GIT
  remote: https://github.com/ruby-rdf/rdf
  revision: 92dfc028cc51824f783822a774f7eff0881bfbdd
  branch: develop
  specs:
    rdf (3.1.13)
      hamster (~> 3.0)
      link_header (~> 0.0, >= 0.0.8)

GIT
  remote: https://github.com/ruby-rdf/rdf-microdata
  revision: 5fe0cadcda10c7f4d36e9d4247f3fabf47a46175
  branch: develop
  specs:
    rdf-microdata (3.1.3)
      htmlentities (~> 4.3)
      nokogiri (~> 1.10)
      rdf (~> 3.1, >= 3.1.13)
      rdf-rdfa (~> 3.1, >= 3.1.3)
      rdf-xsd (~> 3.1)

GIT
  remote: https://github.com/ruby-rdf/rdf-ordered-repo
  revision: 8e81a910c24bdf15860274afff314c5dddc6e401
  branch: develop
  specs:
    rdf-ordered-repo (3.1.1)
      rdf (~> 3.1)

GIT
  remote: https://github.com/ruby-rdf/rdf-rdfa
  revision: 17421be4d4581bdc740166053fcbc5c5323010cb
  branch: develop
  specs:
    rdf-rdfa (3.1.3)
      haml (~> 5.2)
      htmlentities (~> 4.3)
      rdf (~> 3.1, >= 3.1.13)
      rdf-aggregate-repo (~> 3.1)
      rdf-vocab (~> 3.1, >= 3.1.11)
      rdf-xsd (~> 3.1)

GIT
  remote: https://github.com/ruby-rdf/rdf-rdfxml
  revision: f800559d4bc4f1351bf69ac27c688ffc001f97dd
  branch: develop
  specs:
    rdf-rdfxml (3.1.1)
      htmlentities (~> 4.3)
      rdf (~> 3.1, >= 3.1.12)
      rdf-rdfa (~> 3.1, >= 3.1.2)
      rdf-xsd (~> 3.1)

GIT
  remote: https://github.com/ruby-rdf/rdf-reasoner
  revision: bfa7ce11926310414369ef432a33d55f83636ba2
  branch: develop
  specs:
    rdf-reasoner (0.7.2)
      rdf (~> 3.1, >= 3.1.12)
      rdf-xsd (~> 3.1)

GIT
  remote: https://github.com/ruby-rdf/rdf-spec
  revision: 4fe4eb8a3288febe1a986251d14da1719bf4f20f
  branch: develop
  specs:
    rdf-spec (3.1.2)
      amazing_print (~> 1.2)
      rdf (~> 3.1, >= 3.1.8)
      rdf-isomorphic (~> 3.1)
      rexml (~> 3.2)
      rspec (~> 3.9)
      rspec-its (~> 1.3)
      webmock (~> 3.7)

GIT
  remote: https://github.com/ruby-rdf/rdf-turtle
  revision: 98947fdc75151d3e446b81e101377e154cd0e90a
  branch: develop
  specs:
    rdf-turtle (3.1.3)
      ebnf (~> 2.1)
      rdf (~> 3.1, >= 3.1.8)

GIT
  remote: https://github.com/ruby-rdf/rdf-vocab
  revision: 4b3b6b30b6ca42c1fe3bf8ed5c2a1cc59f0b31b2
  branch: develop
  specs:
    rdf-vocab (3.1.12)
      rdf (~> 3.1, >= 3.1.12)

GIT
  remote: https://github.com/ruby-rdf/rdf-xsd
  revision: 093c0abb125d812bf08cf5a584c3371065f0bc65
  branch: develop
  specs:
    rdf-xsd (3.1.1)
      rdf (~> 3.1)
      rexml (~> 3.2)

GIT
  remote: https://github.com/ruby-rdf/sinatra-rdf
  revision: 926670dfaf3e68a2447fb412a79b9f178653b1a6
  branch: develop
  specs:
    sinatra-rdf (3.1.1)
      rack-rdf (~> 3.1, >= 3.1.1)
      sinatra (~> 2.1)

PATH
  remote: .
  specs:
    linter (3.12.0b)
      activesupport (~> 5.0)
      equivalent-xml
      erubis (~> 2.7)
      haml (~> 5.1)
      json-ld (~> 3.1)
      json-ld-preloaded (~> 3.1)
      nokogiri (~> 1.10)
      nokogumbo (~> 2.0)
      puma (~> 4.3)
      rack-cache (~> 1.11)
      rdf (~> 3.1, >= 3.1.12)
      rdf-microdata (~> 3.1)
      rdf-rdfa (~> 3.1)
      rdf-rdfxml (~> 3.1)
      rdf-reasoner (~> 0.7)
      rdf-turtle (~> 3.1)
      rdf-vocab (~> 3.1)
      rdf-xsd (~> 3.1)
      sass (~> 3.7)
      sinatra (~> 2.0)
      sinatra-asset-pipeline (~> 2.2)
      sinatra-rdf (~> 3.1)
      sprockets-helpers (~> 1.2)
      uglifier (~> 4.2)

GEM
  remote: http://rubygems.org/
  specs:
    activesupport (5.2.4.5)
      concurrent-ruby (~> 1.0, >= 1.0.2)
      i18n (>= 0.7, < 2)
      minitest (~> 5.1)
      tzinfo (~> 1.1)
    addressable (2.7.0)
      public_suffix (>= 2.0.2, < 5.0)
    amazing_print (1.3.0)
    better_errors (2.9.1)
      coderay (>= 1.0.0)
      erubi (>= 1.0.0)
      rack (>= 0.9.0)
    binding_of_caller (1.0.0)
      debug_inspector (>= 0.0.1)
    byebug (11.1.3)
    coderay (1.1.3)
    coffee-script (2.4.1)
      coffee-script-source
      execjs
    coffee-script-source (1.12.2)
    concurrent-ruby (1.1.8)
    crack (0.4.5)
      rexml
    debug_inspector (1.1.0)
    diff-lcs (1.4.4)
    domain_name (0.5.20190701)
      unf (>= 0.0.5, < 1.0.0)
    equivalent-xml (0.6.0)
      nokogiri (>= 1.4.3)
    erubi (1.10.0)
    erubis (2.7.0)
    execjs (2.7.0)
    ffi (1.15.0)
    foreman (0.87.2)
    haml (5.2.1)
      temple (>= 0.8.0)
      tilt
    hamster (3.0.0)
      concurrent-ruby (~> 1.0)
    hashdiff (1.0.1)
    htmlentities (4.3.4)
    http-accept (1.7.0)
    http-cookie (1.0.3)
      domain_name (~> 0.5)
    i18n (1.8.9)
      concurrent-ruby (~> 1.0)
    json-canonicalization (0.2.1)
    link_header (0.0.8)
    mime-types (3.3.1)
      mime-types-data (~> 3.2015)
    mime-types-data (3.2021.0225)
    minitest (5.14.4)
    multi_json (1.15.0)
    mustermann (1.1.1)
      ruby2_keywords (~> 0.0.1)
    netrc (0.11.0)
    nio4r (2.5.7)
    nokogiri (1.11.2-x86_64-darwin)
      racc (~> 1.4)
    nokogiri (1.11.2-x86_64-linux)
      racc (~> 1.4)
    nokogumbo (2.0.5)
      nokogiri (~> 1.8, >= 1.8.4)
    oj (3.11.3)
    optimist (3.0.1)
    public_suffix (4.0.6)
    puma (4.3.7)
      nio4r (~> 2.0)
    racc (1.5.2)
    rack (2.2.3)
    rack-cache (1.12.1)
      rack (>= 0.4)
    rack-protection (2.1.0)
      rack
    rack-test (1.1.0)
      rack (>= 1.0, < 3)
    rake (12.3.3)
    rb-fsevent (0.10.4)
    rb-inotify (0.10.1)
      ffi (~> 1.0)
    rdf-aggregate-repo (3.1.0)
      rdf (~> 3.1)
    rdf-isomorphic (3.1.1)
      rdf (~> 3.1)
    rest-client (2.1.0)
      http-accept (>= 1.7.0, < 2.0)
      http-cookie (>= 1.0.2, < 2.0)
      mime-types (>= 1.16, < 4.0)
      netrc (~> 0.8)
    rexml (3.2.5)
    rspec (3.10.0)
      rspec-core (~> 3.10.0)
      rspec-expectations (~> 3.10.0)
      rspec-mocks (~> 3.10.0)
    rspec-core (3.10.1)
      rspec-support (~> 3.10.0)
    rspec-expectations (3.10.1)
      diff-lcs (>= 1.2.0, < 2.0)
      rspec-support (~> 3.10.0)
    rspec-its (1.3.0)
      rspec-core (>= 3.0.0)
      rspec-expectations (>= 3.0.0)
    rspec-mocks (3.10.2)
      diff-lcs (>= 1.2.0, < 2.0)
      rspec-support (~> 3.10.0)
    rspec-support (3.10.2)
    ruby2_keywords (0.0.4)
    sass (3.7.4)
      sass-listen (~> 4.0.0)
    sass-listen (4.0.0)
      rb-fsevent (~> 0.9, >= 0.9.4)
      rb-inotify (~> 0.9, >= 0.9.7)
    scanf (1.0.0)
    shotgun (0.9.2)
      rack (>= 1.0)
    sinatra (2.1.0)
      mustermann (~> 1.0)
      rack (~> 2.2)
      rack-protection (= 2.1.0)
      tilt (~> 2.0)
    sinatra-asset-pipeline (2.2.1)
      coffee-script (~> 2.4)
      rake (~> 12.3)
      sass (~> 3.5)
      sinatra (~> 2.0)
      sprockets (~> 3.7)
      sprockets-helpers (~> 1.2)
    sprockets (3.7.2)
      concurrent-ruby (~> 1.0)
      rack (> 1, < 3)
    sprockets-helpers (1.4.0)
      sprockets (>= 2.2)
    sxp (1.1.0)
      rdf (~> 3.1)
    syntax (1.2.2)
    temple (0.8.2)
    thread_safe (0.3.6)
    tilt (2.0.10)
    tzinfo (1.2.9)
      thread_safe (~> 0.1)
    uglifier (4.2.0)
      execjs (>= 0.3.0, < 3)
    unf (0.1.4)
      unf_ext
    unf_ext (0.0.7.7)
    webmock (3.12.1)
      addressable (>= 2.3.6)
      crack (>= 0.3.2)
      hashdiff (>= 0.4.0, < 2.0.0)
    yard (0.9.26)

PLATFORMS
  x86_64-darwin-20
  x86_64-linux

DEPENDENCIES
  better_errors
  binding_of_caller
  byebug
  ebnf!
  foreman
  json-ld!
  json-ld-preloaded!
  jsonlint!
  linter!
  rack-rdf!
  rack-test (~> 1.1)
  rake
  rdf!
  rdf-microdata!
  rdf-ordered-repo!
  rdf-rdfa!
  rdf-rdfxml!
  rdf-reasoner!
  rdf-spec!
  rdf-turtle!
  rdf-vocab!
  rdf-xsd!
  rest-client-components!
  rspec (~> 3.9)
  rspec-its (~> 1.3)
  shotgun
  sinatra-rdf!
  syntax
  yard (~> 0.9, >= 0.9.24)

RUBY VERSION
   ruby 3.0.0p0

BUNDLED WITH
   2.2.3
