GIT
  remote: https://github.com/dougbarth/jsonlint
  revision: 7bbfa062b9d06b4a1ad491c9dad60db0e088f10b
  specs:
    jsonlint (0.4.0)
      oj (~> 3)
      optimist (~> 3)

GIT
  remote: https://github.com/dryruby/ebnf
  revision: cb49ee954babbfa1c2bbe49c1c3e8342a8742cfe
  branch: develop
  specs:
    ebnf (2.5.0)
      base64 (~> 0.2)
      htmlentities (~> 4.3)
      rdf (~> 3.3)
      scanf (~> 1.0)
      sxp (~> 2.0)
      unicode-types (~> 1.8)

GIT
  remote: https://github.com/ruby-rdf/json-ld
  revision: fcd3aedd310aedbd61e6e1f1afa1b37d1ffebc2d
  branch: develop
  specs:
    json-ld (3.3.1)
      htmlentities (~> 4.3)
      json-canonicalization (~> 1.0)
      link_header (~> 0.0, >= 0.0.8)
      multi_json (~> 1.15)
      rack (>= 2.2, < 4)
      rdf (~> 3.3)

GIT
  remote: https://github.com/ruby-rdf/json-ld-preloaded
  revision: 083d99bb0bc8a6f60c5c24c73ea55f4c66b3f410
  branch: develop
  specs:
    json-ld-preloaded (3.3.0)
      json-ld (~> 3.3)
      rdf (~> 3.3)

GIT
  remote: https://github.com/ruby-rdf/rack-rdf
  revision: bf7cc42e03a0701cba130687291050494714b861
  branch: develop
  specs:
    rack-rdf (3.3.0)
      rack (>= 2.2, < 4)
      rdf (~> 3.3)

GIT
  remote: https://github.com/ruby-rdf/rdf
  revision: f5dd4e8b01e6908f866af6948c3908db54f4f3fe
  branch: develop
  specs:
    rdf (3.3.1)
      bcp47_spec (~> 0.2)
      bigdecimal (~> 3.1, >= 3.1.5)
      link_header (~> 0.0, >= 0.0.8)

GIT
  remote: https://github.com/ruby-rdf/rdf-microdata
  revision: 73e8bfd8e6613f0bfc5cc36eaf438fa8cd888f46
  branch: develop
  specs:
    rdf-microdata (3.3.0)
      htmlentities (~> 4.3)
      nokogiri (~> 1.15, >= 1.15.4)
      rdf (~> 3.3)
      rdf-rdfa (~> 3.3)
      rdf-xsd (~> 3.3)

GIT
  remote: https://github.com/ruby-rdf/rdf-rdfa
  revision: d2c5c7c66c238a1cb8773f32a3cb177fe372411e
  branch: develop
  specs:
    rdf-rdfa (3.3.0)
      haml (~> 6.1)
      htmlentities (~> 4.3)
      rdf (~> 3.3)
      rdf-aggregate-repo (~> 3.3)
      rdf-vocab (~> 3.3)
      rdf-xsd (~> 3.3)

GIT
  remote: https://github.com/ruby-rdf/rdf-rdfxml
  revision: 6b89d4c13d63b4df9cb7407b82ff2a8389ed092d
  branch: develop
  specs:
    rdf-rdfxml (3.3.0)
      builder (~> 3.2, >= 3.2.4)
      htmlentities (~> 4.3)
      rdf (~> 3.3)
      rdf-xsd (~> 3.3)

GIT
  remote: https://github.com/ruby-rdf/rdf-reasoner
  revision: e77a80426b61462c9f69c67444601bf631a1f784
  branch: develop
  specs:
    rdf-reasoner (0.9.0)
      rdf (~> 3.3)
      rdf-xsd (~> 3.3)

GIT
  remote: https://github.com/ruby-rdf/rdf-spec
  revision: 4f36efa2dbbc36ce78a02a069f64c6e901f168c8
  branch: develop
  specs:
    rdf-spec (3.3.0)
      amazing_print (~> 1.5)
      rdf (~> 3.3)
      rdf-isomorphic (~> 3.3)
      rexml (~> 3.2)
      rspec (~> 3.12)
      rspec-its (~> 1.3)
      webmock (~> 3.19)

GIT
  remote: https://github.com/ruby-rdf/rdf-turtle
  revision: c39bac1a76ed00c6aa839c934b3cc853a41fe62f
  branch: develop
  specs:
    rdf-turtle (3.3.1)
      base64 (~> 0.2)
      bigdecimal (~> 3.1, >= 3.1.5)
      ebnf (~> 2.5)
      rdf (~> 3.3)

GIT
  remote: https://github.com/ruby-rdf/rdf-vocab
  revision: 305a7a038a7879052151a386ede9f0fdd89d66b2
  branch: develop
  specs:
    rdf-vocab (3.3.1)
      rdf (~> 3.3)

GIT
  remote: https://github.com/ruby-rdf/rdf-xsd
  revision: 1663b6f0e598e96a772ad83ba35b73d2404f2ee2
  branch: develop
  specs:
    rdf-xsd (3.3.0)
      base64 (~> 0.2)
      rdf (~> 3.3)
      rexml (~> 3.2)

GIT
  remote: https://github.com/ruby-rdf/sinatra-rdf
  revision: bce6fb86e235b98b2ef977b207eb6f51f9e335d7
  branch: develop
  specs:
    sinatra-rdf (3.3.0)
      rack-rdf (~> 3.3)
      sinatra (~> 3.1)

PATH
  remote: .
  specs:
    linter (3.27.1)
      activesupport (>= 5, < 8)
      equivalent-xml (~> 0.6)
      erubis (~> 2.7)
      haml (~> 6.1)
      json-ld (~> 3.3)
      json-ld-preloaded (~> 3.3)
      nokogiri (~> 1.15)
      puma (~> 6.3)
      rack (~> 2.2)
      rack-cache (~> 1.13)
      rdf (~> 3.3)
      rdf-microdata (~> 3.3)
      rdf-rdfa (~> 3.3)
      rdf-rdfxml (~> 3.3)
      rdf-reasoner (~> 0.8)
      rdf-turtle (~> 3.3)
      rdf-vocab (~> 3.3)
      rdf-xsd (~> 3.3)
      rest-client (~> 2.1)
      rest-client-components (~> 1.5)
      sass (~> 3.7)
      sinatra (~> 3.1)
      sinatra-rdf (~> 3.3)
      sprockets (~> 4.2)
      sprockets-helpers (~> 1.4)
      uglifier (~> 4.2)

GEM
  remote: http://rubygems.org/
  specs:
    activesupport (7.1.3.3)
      base64
      bigdecimal
      concurrent-ruby (~> 1.0, >= 1.0.2)
      connection_pool (>= 2.2.5)
      drb
      i18n (>= 1.6, < 2)
      minitest (>= 5.1)
      mutex_m
      tzinfo (~> 2.0)
    addressable (2.8.6)
      public_suffix (>= 2.0.2, < 6.0)
    amazing_print (1.6.0)
    base64 (0.2.0)
    bcp47_spec (0.2.1)
    better_errors (2.10.1)
      erubi (>= 1.0.0)
      rack (>= 0.9.0)
      rouge (>= 1.0.0)
    bigdecimal (3.1.8)
    binding_of_caller (1.0.1)
      debug_inspector (>= 1.2.0)
    builder (3.2.4)
    byebug (11.1.3)
    concurrent-ruby (1.2.3)
    connection_pool (2.4.1)
    crack (1.0.0)
      bigdecimal
      rexml
    debug_inspector (1.2.0)
    diff-lcs (1.5.1)
    domain_name (0.6.20240107)
    drb (2.2.1)
    equivalent-xml (0.6.0)
      nokogiri (>= 1.4.3)
    erubi (1.12.0)
    erubis (2.7.0)
    execjs (2.9.1)
    ffi (1.16.3)
    foreman (0.88.1)
    haml (6.3.0)
      temple (>= 0.8.2)
      thor
      tilt
    hashdiff (1.1.0)
    htmlentities (4.3.4)
    http-accept (1.7.0)
    http-cookie (1.0.5)
      domain_name (~> 0.5)
    i18n (1.14.5)
      concurrent-ruby (~> 1.0)
    json-canonicalization (1.0.0)
    link_header (0.0.8)
    matrix (0.4.2)
    mime-types (3.5.2)
      mime-types-data (~> 3.2015)
    mime-types-data (3.2024.0507)
    minitest (5.23.1)
    multi_json (1.15.0)
    mustermann (3.0.0)
      ruby2_keywords (~> 0.0.1)
    mutex_m (0.2.0)
    netrc (0.11.0)
    nio4r (2.7.3)
    nokogiri (1.16.5-arm64-darwin)
      racc (~> 1.4)
    nokogiri (1.16.5-x86_64-darwin)
      racc (~> 1.4)
    nokogiri (1.16.5-x86_64-linux)
      racc (~> 1.4)
    oj (3.16.3)
      bigdecimal (>= 3.0)
    optimist (3.1.0)
    public_suffix (5.0.5)
    puma (6.4.2)
      nio4r (~> 2.0)
    racc (1.8.0)
    rack (2.2.9)
    rack-cache (1.17.0)
      rack (>= 0.4)
    rack-protection (3.2.0)
      base64 (>= 0.1.0)
      rack (~> 2.2, >= 2.2.4)
    rack-test (2.1.0)
      rack (>= 1.3)
    rake (13.2.1)
    rb-fsevent (0.11.2)
    rb-inotify (0.11.1)
      ffi (~> 1.0)
    rdf-aggregate-repo (3.3.0)
      rdf (~> 3.3)
    rdf-isomorphic (3.3.0)
      rdf (~> 3.3)
    rest-client (2.1.0)
      http-accept (>= 1.7.0, < 2.0)
      http-cookie (>= 1.0.2, < 2.0)
      mime-types (>= 1.16, < 4.0)
      netrc (~> 0.8)
    rest-client-components (1.5.0)
      rack (>= 1.0.1)
      rest-client (>= 1.6.0)
    rexml (3.2.8)
      strscan (>= 3.0.9)
    rouge (4.2.1)
    rspec (3.13.0)
      rspec-core (~> 3.13.0)
      rspec-expectations (~> 3.13.0)
      rspec-mocks (~> 3.13.0)
    rspec-core (3.13.0)
      rspec-support (~> 3.13.0)
    rspec-expectations (3.13.0)
      diff-lcs (>= 1.2.0, < 2.0)
      rspec-support (~> 3.13.0)
    rspec-its (1.3.0)
      rspec-core (>= 3.0.0)
      rspec-expectations (>= 3.0.0)
    rspec-mocks (3.13.1)
      diff-lcs (>= 1.2.0, < 2.0)
      rspec-support (~> 3.13.0)
    rspec-support (3.13.1)
    ruby2_keywords (0.0.5)
    sass (3.7.4)
      sass-listen (~> 4.0.0)
    sass-listen (4.0.0)
      rb-fsevent (~> 0.9, >= 0.9.4)
      rb-inotify (~> 0.9, >= 0.9.7)
    scanf (1.0.0)
    shotgun (0.9.2)
      rack (>= 1.0)
    sinatra (3.2.0)
      mustermann (~> 3.0)
      rack (~> 2.2, >= 2.2.4)
      rack-protection (= 3.2.0)
      tilt (~> 2.0)
    sprockets (4.2.1)
      concurrent-ruby (~> 1.0)
      rack (>= 2.2.4, < 4)
    sprockets-helpers (1.4.0)
      sprockets (>= 2.2)
    strscan (3.1.0)
    sxp (2.0.0)
      matrix (~> 0.4)
      rdf (~> 3.3)
    syntax (1.2.2)
    temple (0.10.3)
    thor (1.3.1)
    tilt (2.3.0)
    tzinfo (2.0.6)
      concurrent-ruby (~> 1.0)
    uglifier (4.2.0)
      execjs (>= 0.3.0, < 3)
    unicode-types (1.9.0)
    webmock (3.23.0)
      addressable (>= 2.8.0)
      crack (>= 0.3.2)
      hashdiff (>= 0.4.0, < 2.0.0)
    yard (0.9.36)

PLATFORMS
  arm64-darwin-22
  x86_64-darwin-20
  x86_64-linux

DEPENDENCIES
  better_errors (>= 2.9.1)
  binding_of_caller
  byebug
  ebnf!
  foreman
  json-ld!
  json-ld-preloaded!
  jsonlint!
  linter!
  rack-rdf!
  rack-test (~> 2.1)
  rake
  rdf!
  rdf-microdata!
  rdf-rdfa!
  rdf-rdfxml!
  rdf-reasoner!
  rdf-spec!
  rdf-turtle!
  rdf-vocab!
  rdf-xsd!
  rspec (~> 3.12)
  rspec-its (~> 1.3)
  shotgun (>= 0.9.2)
  sinatra-rdf!
  syntax
  yard (~> 0.9, >= 0.9.36)

RUBY VERSION
   ruby 3.2.2p53

BUNDLED WITH
   2.5.7
