GIT
  remote: https://github.com/dougbarth/jsonlint
  revision: 7bbfa062b9d06b4a1ad491c9dad60db0e088f10b
  specs:
    jsonlint (0.4.0)
      oj (~> 3)
      optimist (~> 3)

GIT
  remote: https://github.com/dryruby/ebnf
  revision: 425d81b33fa4a47050a9120270f8e38928f4c741
  branch: develop
  specs:
    ebnf (2.3.5)
      htmlentities (~> 4.3)
      rdf (~> 3.2)
      scanf (~> 1.0)
      sxp (~> 1.2)
      unicode-types (~> 1.8)

GIT
  remote: https://github.com/ruby-rdf/json-ld
  revision: 4a13da952b2fcd713bce4d0eb5123ca6c7fd3bbe
  branch: develop
  specs:
    json-ld (3.2.5)
      htmlentities (~> 4.3)
      json-canonicalization (~> 0.3, >= 0.3.2)
      link_header (~> 0.0, >= 0.0.8)
      multi_json (~> 1.15)
      rack (>= 2.2, < 4)
      rdf (~> 3.2, >= 3.2.10)

GIT
  remote: https://github.com/ruby-rdf/json-ld-preloaded
  revision: 4280d42074a059d000476dad55cd764d8e6759f2
  branch: develop
  specs:
    json-ld-preloaded (3.2.2)
      json-ld (~> 3.2)
      rdf (~> 3.2)

GIT
  remote: https://github.com/ruby-rdf/rack-rdf
  revision: 07730ab3639251c3a9af0564e330dd926f714ce3
  branch: develop
  specs:
    rack-rdf (3.2.0)
      rack (>= 2.2, < 4)
      rdf (~> 3.2)

GIT
  remote: https://github.com/ruby-rdf/rdf
  revision: 0dd3ed0c5967220ffd95cb3b2a7aa2b834b20a88
  branch: develop
  specs:
    rdf (3.2.11)
      bcp47_spec (~> 0.2)
      link_header (~> 0.0, >= 0.0.8)

GIT
  remote: https://github.com/ruby-rdf/rdf-microdata
  revision: 5ea34be7eb776a5ab085916eed4ea6ab11ab2ef9
  branch: develop
  specs:
    rdf-microdata (3.2.1)
      htmlentities (~> 4.3)
      nokogiri (~> 1.13, >= 1.13.4)
      rdf (~> 3.2)
      rdf-rdfa (~> 3.2)
      rdf-xsd (~> 3.2)

GIT
  remote: https://github.com/ruby-rdf/rdf-rdfa
  revision: 4827f083ed188480332818222a90e93fb445d5ac
  branch: develop
  specs:
    rdf-rdfa (3.2.2)
      haml (>= 5.2, < 7)
      htmlentities (~> 4.3)
      rdf (~> 3.2)
      rdf-aggregate-repo (~> 3.2)
      rdf-vocab (~> 3.2)
      rdf-xsd (~> 3.2)

GIT
  remote: https://github.com/ruby-rdf/rdf-rdfxml
  revision: a48659d92dac957ef8b375cb4afd7284948ac070
  branch: develop
  specs:
    rdf-rdfxml (3.2.1)
      builder (~> 3.2)
      htmlentities (~> 4.3)
      rdf (~> 3.2)
      rdf-xsd (~> 3.2)

GIT
  remote: https://github.com/ruby-rdf/rdf-reasoner
  revision: 5069fb85d999856de05f51d7253e98cb9c4022a6
  branch: develop
  specs:
    rdf-reasoner (0.8.0)
      rdf (~> 3.2)
      rdf-xsd (~> 3.2)

GIT
  remote: https://github.com/ruby-rdf/rdf-spec
  revision: d63ab2e4639d2f2f4d218f660ab85810da58ca92
  branch: develop
  specs:
    rdf-spec (3.2.0)
      amazing_print (~> 1.4)
      rdf (~> 3.2)
      rdf-isomorphic (~> 3.2)
      rexml (~> 3.2)
      rspec (~> 3.10)
      rspec-its (~> 1.3)
      webmock (~> 3.14)

GIT
  remote: https://github.com/ruby-rdf/rdf-turtle
  revision: b005c590dc7a74314f304b19277f4e1be3b6d412
  branch: develop
  specs:
    rdf-turtle (3.2.1)
      ebnf (~> 2.3)
      rdf (~> 3.2)

GIT
  remote: https://github.com/ruby-rdf/rdf-vocab
  revision: 60f64a4dc1a4403af402b311b1317e4b0458a23f
  branch: develop
  specs:
    rdf-vocab (3.2.6)
      rdf (~> 3.2, >= 3.2.4)

GIT
  remote: https://github.com/ruby-rdf/rdf-xsd
  revision: 5d5bea8070a3345b945713d2d41899b87a6d977c
  branch: develop
  specs:
    rdf-xsd (3.2.1)
      rdf (~> 3.2)
      rexml (~> 3.2)

GIT
  remote: https://github.com/ruby-rdf/sinatra-rdf
  revision: 34623b5a92f87d73f88db5c4a42d4837d27fe592
  branch: develop
  specs:
    sinatra-rdf (3.2.0)
      rack-rdf (~> 3.2)
      sinatra (>= 2.2, < 4)

PATH
  remote: .
  specs:
    linter (3.22.1)
      activesupport (>= 5, < 8)
      equivalent-xml (~> 0.6)
      erubis (~> 2.7)
      haml (~> 5.2)
      json-ld (~> 3.1)
      json-ld-preloaded (~> 3.2)
      nokogiri (~> 1.14)
      puma (~> 6.1)
      rack (~> 2.2)
      rack-cache (~> 1.13)
      rdf (~> 3.2)
      rdf-microdata (~> 3.2)
      rdf-rdfa (~> 3.2)
      rdf-rdfxml (~> 3.2)
      rdf-reasoner (~> 0.8)
      rdf-turtle (~> 3.2)
      rdf-vocab (~> 3.2)
      rdf-xsd (~> 3.2)
      rest-client (~> 2.1)
      rest-client-components (~> 1.5)
      sass (~> 3.7)
      sinatra (~> 3.0)
      sinatra-rdf (~> 3.2)
      sprockets (~> 4.2)
      sprockets-helpers (~> 1.4)
      uglifier (~> 4.2)

GEM
  remote: http://rubygems.org/
  specs:
    activesupport (7.0.6)
      concurrent-ruby (~> 1.0, >= 1.0.2)
      i18n (>= 1.6, < 2)
      minitest (>= 5.1)
      tzinfo (~> 2.0)
    addressable (2.8.4)
      public_suffix (>= 2.0.2, < 6.0)
    amazing_print (1.5.0)
    bcp47_spec (0.2.1)
    better_errors (2.10.1)
      erubi (>= 1.0.0)
      rack (>= 0.9.0)
      rouge (>= 1.0.0)
    binding_of_caller (1.0.0)
      debug_inspector (>= 0.0.1)
    builder (3.2.4)
    byebug (11.1.3)
    concurrent-ruby (1.2.2)
    crack (0.4.5)
      rexml
    debug_inspector (1.1.0)
    diff-lcs (1.5.0)
    domain_name (0.5.20190701)
      unf (>= 0.0.5, < 1.0.0)
    equivalent-xml (0.6.0)
      nokogiri (>= 1.4.3)
    erubi (1.12.0)
    erubis (2.7.0)
    execjs (2.8.1)
    ffi (1.15.5)
    foreman (0.87.2)
    haml (5.2.2)
      temple (>= 0.8.0)
      tilt
    hashdiff (1.0.1)
    htmlentities (4.3.4)
    http-accept (1.7.0)
    http-cookie (1.0.5)
      domain_name (~> 0.5)
    i18n (1.14.1)
      concurrent-ruby (~> 1.0)
    json-canonicalization (0.3.2)
    link_header (0.0.8)
    matrix (0.4.2)
    mime-types (3.4.1)
      mime-types-data (~> 3.2015)
    mime-types-data (3.2023.0218.1)
    minitest (5.18.1)
    multi_json (1.15.0)
    mustermann (3.0.0)
      ruby2_keywords (~> 0.0.1)
    netrc (0.11.0)
    nio4r (2.5.9)
    nokogiri (1.15.3-arm64-darwin)
      racc (~> 1.4)
    nokogiri (1.15.3-x86_64-darwin)
      racc (~> 1.4)
    nokogiri (1.15.3-x86_64-linux)
      racc (~> 1.4)
    oj (3.15.0)
    optimist (3.0.1)
    public_suffix (5.0.3)
    puma (6.3.1)
      nio4r (~> 2.0)
    racc (1.7.1)
    rack (2.2.7)
    rack-cache (1.14.0)
      rack (>= 0.4)
    rack-protection (3.0.6)
      rack
    rack-test (2.1.0)
      rack (>= 1.3)
    rake (13.0.6)
    rb-fsevent (0.11.2)
    rb-inotify (0.10.1)
      ffi (~> 1.0)
    rdf-aggregate-repo (3.2.1)
      rdf (~> 3.2)
    rdf-isomorphic (3.2.1)
      rdf (~> 3.2)
    rest-client (2.1.0)
      http-accept (>= 1.7.0, < 2.0)
      http-cookie (>= 1.0.2, < 2.0)
      mime-types (>= 1.16, < 4.0)
      netrc (~> 0.8)
    rest-client-components (1.5.0)
      rack (>= 1.0.1)
      rest-client (>= 1.6.0)
    rexml (3.2.5)
    rouge (4.1.2)
    rspec (3.12.0)
      rspec-core (~> 3.12.0)
      rspec-expectations (~> 3.12.0)
      rspec-mocks (~> 3.12.0)
    rspec-core (3.12.2)
      rspec-support (~> 3.12.0)
    rspec-expectations (3.12.3)
      diff-lcs (>= 1.2.0, < 2.0)
      rspec-support (~> 3.12.0)
    rspec-its (1.3.0)
      rspec-core (>= 3.0.0)
      rspec-expectations (>= 3.0.0)
    rspec-mocks (3.12.6)
      diff-lcs (>= 1.2.0, < 2.0)
      rspec-support (~> 3.12.0)
    rspec-support (3.12.1)
    ruby2_keywords (0.0.5)
    sass (3.7.4)
      sass-listen (~> 4.0.0)
    sass-listen (4.0.0)
      rb-fsevent (~> 0.9, >= 0.9.4)
      rb-inotify (~> 0.9, >= 0.9.7)
    scanf (1.0.0)
    shotgun (0.9.2)
      rack (>= 1.0)
    sinatra (3.0.6)
      mustermann (~> 3.0)
      rack (~> 2.2, >= 2.2.4)
      rack-protection (= 3.0.6)
      tilt (~> 2.0)
    sprockets (4.2.0)
      concurrent-ruby (~> 1.0)
      rack (>= 2.2.4, < 4)
    sprockets-helpers (1.4.0)
      sprockets (>= 2.2)
    sxp (1.2.4)
      matrix (~> 0.4)
      rdf (~> 3.2)
    syntax (1.2.2)
    temple (0.10.2)
    tilt (2.2.0)
    tzinfo (2.0.6)
      concurrent-ruby (~> 1.0)
    uglifier (4.2.0)
      execjs (>= 0.3.0, < 3)
    unf (0.1.4)
      unf_ext
    unf_ext (0.0.8.2)
    unicode-types (1.8.0)
    webmock (3.18.1)
      addressable (>= 2.8.0)
      crack (>= 0.3.2)
      hashdiff (>= 0.4.0, < 2.0.0)
    yard (0.9.34)

PLATFORMS
  arm64-darwin-22
  x86_64-darwin-20
  x86_64-linux

DEPENDENCIES
  better_errors (>= 2.9.1)
  binding_of_caller
  byebug
  ebnf!
  foreman
  json-ld!
  json-ld-preloaded!
  jsonlint!
  linter!
  rack-rdf!
  rack-test (~> 2.1)
  rake
  rdf!
  rdf-microdata!
  rdf-rdfa!
  rdf-rdfxml!
  rdf-reasoner!
  rdf-spec!
  rdf-turtle!
  rdf-vocab!
  rdf-xsd!
  rspec (~> 3.12)
  rspec-its (~> 1.3)
  shotgun (>= 0.9.2)
  sinatra-rdf!
  syntax
  yard (~> 0.9, >= 0.9.34)

RUBY VERSION
   ruby 3.2.2p53

BUNDLED WITH
   2.4.17
