GIT
  remote: https://github.com/amatriain/rest-client-components
  revision: 236ac31ed1a061d479332ff179bf78fcb11edb74
  branch: rest-client-2-compatibility
  specs:
    rest-client-components (1.4.0)
      rack (>= 1.0.1)
      rest-client (>= 1.6.0)

GIT
  remote: https://github.com/dougbarth/jsonlint
  revision: f817a0b401748d500a833b08f7ab160c4c13b9c1
  specs:
    jsonlint (0.3.0)
      oj (~> 3)
      optimist (~> 3)

GIT
  remote: https://github.com/dryruby/ebnf
  revision: b516f6ec92b56174fe17a4419427b6bd3fc47002
  branch: develop
  specs:
    ebnf (2.3.1)
      amazing_print (~> 1.4)
      htmlentities (~> 4.3)
      rdf (~> 3.2)
      scanf (~> 1.0)
      sxp (~> 1.2)
      unicode-types (~> 1.7)

GIT
  remote: https://github.com/ruby-rdf/json-ld
  revision: 32d4deb5743ea5126f3e52d15d8d3e0d3d754d1d
  branch: develop
  specs:
    json-ld (3.2.3)
      htmlentities (~> 4.3)
      json-canonicalization (~> 0.3)
      link_header (~> 0.0, >= 0.0.8)
      multi_json (~> 1.15)
      rack (~> 2.2)
      rdf (~> 3.2, >= 3.2.9)

GIT
  remote: https://github.com/ruby-rdf/json-ld-preloaded
  revision: 35d9e1174e51c90964a638e54446320a358d9563
  branch: develop
  specs:
    json-ld-preloaded (3.2.2)
      json-ld (~> 3.2)
      rdf (~> 3.2)

GIT
  remote: https://github.com/ruby-rdf/rack-rdf
  revision: 4be949c25d30fc92a695f9d3b314ae29331a477a
  branch: develop
  specs:
    rack-rdf (3.2.0)
      rack (~> 2.2)
      rdf (~> 3.2)

GIT
  remote: https://github.com/ruby-rdf/rdf
  revision: 906dea230ce2332867414072b66b8eee83c90f03
  branch: develop
  specs:
    rdf (3.2.9)
      link_header (~> 0.0, >= 0.0.8)

GIT
  remote: https://github.com/ruby-rdf/rdf-microdata
  revision: 4c610e65ebc516f8de524d6ad0b510e63afcb6dc
  branch: develop
  specs:
    rdf-microdata (3.2.1)
      htmlentities (~> 4.3)
      nokogiri (~> 1.13, >= 1.13.4)
      rdf (~> 3.2)
      rdf-rdfa (~> 3.2)
      rdf-xsd (~> 3.2)

GIT
  remote: https://github.com/ruby-rdf/rdf-ordered-repo
  revision: 1e81607430a8e18bd5298dab58e6e8b51428d789
  branch: develop
  specs:
    rdf-ordered-repo (3.2.1)
      rdf (~> 3.2, >= 3.2.1)

GIT
  remote: https://github.com/ruby-rdf/rdf-rdfa
  revision: fb9e6666c35131717ceeabe1fd347e02730788e8
  branch: develop
  specs:
    rdf-rdfa (3.2.0)
      haml (~> 5.2)
      htmlentities (~> 4.3)
      rdf (~> 3.2)
      rdf-aggregate-repo (~> 3.2)
      rdf-vocab (~> 3.2)
      rdf-xsd (~> 3.2)

GIT
  remote: https://github.com/ruby-rdf/rdf-rdfxml
  revision: e9d92e51e1f7ad704291767d4aecbba16711ad10
  branch: develop
  specs:
    rdf-rdfxml (3.2.0)
      htmlentities (~> 4.3)
      rdf (~> 3.2)
      rdf-rdfa (~> 3.2)
      rdf-xsd (~> 3.2)

GIT
  remote: https://github.com/ruby-rdf/rdf-reasoner
  revision: 31c78d18a7e1376f50e39a4047bcb01afd051ff5
  branch: develop
  specs:
    rdf-reasoner (0.8.0)
      rdf (~> 3.2)
      rdf-xsd (~> 3.2)

GIT
  remote: https://github.com/ruby-rdf/rdf-spec
  revision: edd4993384c1bb180f53fd16fa88f8498e4b9917
  branch: develop
  specs:
    rdf-spec (3.2.0)
      amazing_print (~> 1.4)
      rdf (~> 3.2)
      rdf-isomorphic (~> 3.2)
      rexml (~> 3.2)
      rspec (~> 3.10)
      rspec-its (~> 1.3)
      webmock (~> 3.14)

GIT
  remote: https://github.com/ruby-rdf/rdf-turtle
  revision: ad06410d2c80567ef6f04616e1e1dfc53345129c
  branch: develop
  specs:
    rdf-turtle (3.2.1)
      ebnf (~> 2.3)
      rdf (~> 3.2)

GIT
  remote: https://github.com/ruby-rdf/rdf-vocab
  revision: 767e2981f3484d2f837ee822404b868aa310e594
  branch: develop
  specs:
    rdf-vocab (3.2.3)
      rdf (~> 3.2, >= 3.2.4)

GIT
  remote: https://github.com/ruby-rdf/rdf-xsd
  revision: d409223c8b7576136af625064031bc2dfe3cbcd5
  branch: develop
  specs:
    rdf-xsd (3.2.1)
      rdf (~> 3.2)
      rexml (~> 3.2)

GIT
  remote: https://github.com/ruby-rdf/sinatra-rdf
  revision: 3ce7bb1c8ef1fcdefc569a8544b9ca8ebd42bb2b
  branch: develop
  specs:
    sinatra-rdf (3.2.0)
      rack-rdf (~> 3.2)
      sinatra (~> 2.1)

PATH
  remote: .
  specs:
    linter (3.15.1)
      activesupport (>= 5, < 8)
      equivalent-xml
      erubis (~> 2.7)
      haml (~> 5.2)
      json-ld (~> 3.1)
      json-ld-preloaded (~> 3.1)
      nokogiri (~> 1.13, >= 1.13.8)
      puma (~> 5.5)
      rack-cache (~> 1.13)
      rdf (~> 3.1, >= 3.1.15)
      rdf-microdata (~> 3.1)
      rdf-rdfa (~> 3.1)
      rdf-rdfxml (~> 3.1)
      rdf-reasoner (~> 0.7)
      rdf-turtle (~> 3.1)
      rdf-vocab (~> 3.1)
      rdf-xsd (~> 3.1)
      sass (~> 3.7)
      sinatra (~> 2.2)
      sinatra-asset-pipeline (~> 2.2)
      sinatra-rdf (~> 3.1)
      sprockets-helpers (~> 1.4)
      uglifier (~> 4.2)

GEM
  remote: http://rubygems.org/
  specs:
    activesupport (7.0.4.1)
      concurrent-ruby (~> 1.0, >= 1.0.2)
      i18n (>= 1.6, < 2)
      minitest (>= 5.1)
      tzinfo (~> 2.0)
    addressable (2.8.1)
      public_suffix (>= 2.0.2, < 6.0)
    amazing_print (1.4.0)
    better_errors (2.9.1)
      coderay (>= 1.0.0)
      erubi (>= 1.0.0)
      rack (>= 0.9.0)
    binding_of_caller (1.0.0)
      debug_inspector (>= 0.0.1)
    byebug (11.1.3)
    coderay (1.1.3)
    coffee-script (2.4.1)
      coffee-script-source
      execjs
    coffee-script-source (1.12.2)
    concurrent-ruby (1.1.10)
    crack (0.4.5)
      rexml
    debug_inspector (1.1.0)
    diff-lcs (1.5.0)
    domain_name (0.5.20190701)
      unf (>= 0.0.5, < 1.0.0)
    equivalent-xml (0.6.0)
      nokogiri (>= 1.4.3)
    erubi (1.12.0)
    erubis (2.7.0)
    execjs (2.8.1)
    ffi (1.15.5)
    foreman (0.87.2)
    haml (5.2.2)
      temple (>= 0.8.0)
      tilt
    hashdiff (1.0.1)
    htmlentities (4.3.4)
    http-accept (1.7.0)
    http-cookie (1.0.5)
      domain_name (~> 0.5)
    i18n (1.12.0)
      concurrent-ruby (~> 1.0)
    json-canonicalization (0.3.1)
    link_header (0.0.8)
    matrix (0.4.2)
    mime-types (3.4.1)
      mime-types-data (~> 3.2015)
    mime-types-data (3.2022.0105)
    minitest (5.17.0)
    multi_json (1.15.0)
    mustermann (2.0.2)
      ruby2_keywords (~> 0.0.1)
    netrc (0.11.0)
    nio4r (2.5.8)
    nokogiri (1.14.0-arm64-darwin)
      racc (~> 1.4)
    nokogiri (1.14.0-x86_64-darwin)
      racc (~> 1.4)
    nokogiri (1.14.0-x86_64-linux)
      racc (~> 1.4)
    oj (3.13.23)
    optimist (3.0.1)
    public_suffix (5.0.1)
    puma (5.6.5)
      nio4r (~> 2.0)
    racc (1.6.2)
    rack (2.2.6.3)
    rack-cache (1.13.0)
      rack (>= 0.4)
    rack-protection (2.2.4)
      rack
    rack-test (1.1.0)
      rack (>= 1.0, < 3)
    rake (12.3.3)
    rb-fsevent (0.11.2)
    rb-inotify (0.10.1)
      ffi (~> 1.0)
    rdf-aggregate-repo (3.2.1)
      rdf (~> 3.2)
    rdf-isomorphic (3.2.1)
      rdf (~> 3.2)
    rest-client (2.1.0)
      http-accept (>= 1.7.0, < 2.0)
      http-cookie (>= 1.0.2, < 2.0)
      mime-types (>= 1.16, < 4.0)
      netrc (~> 0.8)
    rexml (3.2.5)
    rspec (3.12.0)
      rspec-core (~> 3.12.0)
      rspec-expectations (~> 3.12.0)
      rspec-mocks (~> 3.12.0)
    rspec-core (3.12.0)
      rspec-support (~> 3.12.0)
    rspec-expectations (3.12.2)
      diff-lcs (>= 1.2.0, < 2.0)
      rspec-support (~> 3.12.0)
    rspec-its (1.3.0)
      rspec-core (>= 3.0.0)
      rspec-expectations (>= 3.0.0)
    rspec-mocks (3.12.3)
      diff-lcs (>= 1.2.0, < 2.0)
      rspec-support (~> 3.12.0)
    rspec-support (3.12.0)
    ruby2_keywords (0.0.5)
    sass (3.7.4)
      sass-listen (~> 4.0.0)
    sass-listen (4.0.0)
      rb-fsevent (~> 0.9, >= 0.9.4)
      rb-inotify (~> 0.9, >= 0.9.7)
    scanf (1.0.0)
    shotgun (0.9.2)
      rack (>= 1.0)
    sinatra (2.2.4)
      mustermann (~> 2.0)
      rack (~> 2.2)
      rack-protection (= 2.2.4)
      tilt (~> 2.0)
    sinatra-asset-pipeline (2.2.1)
      coffee-script (~> 2.4)
      rake (~> 12.3)
      sass (~> 3.5)
      sinatra (~> 2.0)
      sprockets (~> 3.7)
      sprockets-helpers (~> 1.2)
    sprockets (3.7.2)
      concurrent-ruby (~> 1.0)
      rack (> 1, < 3)
    sprockets-helpers (1.4.0)
      sprockets (>= 2.2)
    sxp (1.2.3)
      matrix (~> 0.4)
      rdf (~> 3.2)
    syntax (1.2.2)
    temple (0.9.1)
    tilt (2.0.11)
    tzinfo (2.0.5)
      concurrent-ruby (~> 1.0)
    uglifier (4.2.0)
      execjs (>= 0.3.0, < 3)
    unf (0.1.4)
      unf_ext
    unf_ext (0.0.8.2)
    unicode-types (1.8.0)
    webmock (3.18.1)
      addressable (>= 2.8.0)
      crack (>= 0.3.2)
      hashdiff (>= 0.4.0, < 2.0.0)
    webrick (1.7.0)
    yard (0.9.28)
      webrick (~> 1.7.0)

PLATFORMS
  arm64-darwin-20
  arm64-darwin-21
  arm64-darwin-22
  x86_64-darwin-20
  x86_64-linux

DEPENDENCIES
  better_errors (>= 2.9.1)
  binding_of_caller
  byebug
  ebnf!
  foreman
  json-ld!
  json-ld-preloaded!
  jsonlint!
  linter!
  rack-rdf!
  rack-test (~> 1.1)
  rake
  rdf!
  rdf-microdata!
  rdf-ordered-repo!
  rdf-rdfa!
  rdf-rdfxml!
  rdf-reasoner!
  rdf-spec!
  rdf-turtle!
  rdf-vocab!
  rdf-xsd!
  rest-client-components!
  rspec (~> 3.10)
  rspec-its (~> 1.3)
  shotgun (>= 0.9.2)
  sinatra-rdf!
  syntax
  yard (~> 0.9, >= 0.9.26)

RUBY VERSION
   ruby 3.1.3p185

BUNDLED WITH
   2.3.26
